PATH
  remote: .
  specs:
    trevor (0.0.1)

GEM
  remote: https://rubygems.org/
  specs:

PLATFORMS
  ruby

DEPENDENCIES
  trevor!

BUNDLED WITH
   1.16.0
