GEM
  remote: https://rubygems.org/
  specs:
    concurrent-ruby (1.0.5)
    eventmachine (1.2.5)
    faker (1.8.4)
      i18n (~> 0.5)
    i18n (0.9.1)
      concurrent-ruby (~> 1.0)
    websocket (1.2.5)
    websocket-eventmachine-base (1.2.0)
      eventmachine (~> 1.0)
      websocket (~> 1.0)
      websocket-native (~> 1.0)
    websocket-eventmachine-client (1.2.0)
      websocket-eventmachine-base (~> 1.0)
    websocket-native (1.0.0)

PLATFORMS
  ruby

DEPENDENCIES
  faker
  websocket-eventmachine-client

BUNDLED WITH
   1.16.0
